GEM
  remote: https://rubygems.org/
  specs:
    atomutil (0.1.5)
      rake (< 11.0)
    rake (10.5.0)

PLATFORMS
  ruby

DEPENDENCIES
  atomutil

BUNDLED WITH
   2.1.4
